PATH
  remote: .
  specs:
    oopsie (0.1.0)

GEM
  remote: https://rubygems.org/
  specs:
    minitest (5.20.0)
    rake (13.1.0)
    rake-compiler (1.2.5)
      rake

PLATFORMS
  arm64-darwin-22

DEPENDENCIES
  minitest (~> 5.0)
  oopsie!
  rake (~> 13.0)
  rake-compiler

BUNDLED WITH
   2.4.21
